GEM
  remote: http://rubygems.org/
  specs:
    RedCloth (4.2.3)
    ZenTest (4.3.3)
    actionmailer (2.3.8)
      actionpack (= 2.3.8)
    actionpack (2.3.8)
      activesupport (= 2.3.8)
      rack (~> 1.1.0)
    actionwebservice (0.6.0)
      actionpack (>= 1.5.1)
      activerecord (>= 1.8.0)
      activesupport (>= 1.0.1)
    activerecord (2.3.8)
      activesupport (= 2.3.8)
    activeresource (2.3.8)
      activesupport (= 2.3.8)
    activesupport (2.3.8)
    acts_as_ferret (0.4.8)
      ferret
    authlogic (2.1.6)
      activesupport
    aws-s3 (0.6.2)
      builder
      mime-types
      xml-simple
    builder (2.1.2)
    capistrano (2.5.19)
      highline
      net-scp (>= 1.0.0)
      net-sftp (>= 2.0.0)
      net-ssh (>= 2.0.14)
      net-ssh-gateway (>= 1.0.0)
    cgi_multipart_eof_fix (2.5.0)
    columnize (0.3.1)
    configuration (1.1.0)
    daemons (1.1.0)
    facebooker (1.0.75)
      json_pure (>= 1.0.0)
    faker (0.3.1)
    fastthread (1.0.7)
    ferret (0.11.6)
      rake (> 0.0.0)
    gem_plugin (0.2.3)
    heroku (1.6.3)
      json (>= 1.1.0)
      launchy (>= 0.3.2)
      rest-client (>= 1.2.0, < 2.0.0)
    highline (1.6.1)
    hpricot (0.8.2)
    json (1.4.6)
    json_pure (1.4.6)
    launchy (0.3.7)
      configuration (>= 0.0.5)
      rake (>= 0.8.1)
    libxml-ruby (1.1.4)
    linecache (0.43)
    mime-types (1.16)
    mongrel (1.1.5)
      cgi_multipart_eof_fix (>= 2.4)
      daemons (>= 1.0.3)
      fastthread (>= 1.0.1)
      gem_plugin (>= 0.2.3)
    needle (1.3.0)
    net-scp (1.0.3)
      net-ssh (>= 1.99.1)
    net-sftp (2.0.4)
      net-ssh (>= 2.0.9)
    net-ssh (2.0.23)
    net-ssh-gateway (1.0.1)
      net-ssh (>= 1.99.1)
    nokogiri (1.4.3.1)
    rack (1.1.0)
    rack-test (0.5.4)
      rack (>= 1.0)
    rails (2.3.8)
      actionmailer (= 2.3.8)
      actionpack (= 2.3.8)
      activerecord (= 2.3.8)
      activeresource (= 2.3.8)
      activesupport (= 2.3.8)
      rake (>= 0.8.3)
    rake (0.8.7)
    rest-client (1.6.0)
      mime-types (>= 1.16)
    ruby-debug (0.10.3)
      columnize (>= 0.1)
      ruby-debug-base (~> 0.10.3.0)
    ruby-debug-base (0.10.3)
      linecache (>= 0.3)
    ruby-openid (2.1.8)
    ruby-yadis (0.3.4)
    rubygems-update (1.3.7)
    sqlite3-ruby (1.3.1)
    sys-uname (0.8.4)
    termios (0.9.4)
    webrat (0.7.1)
      nokogiri (>= 1.2.0)
      rack (>= 1.0)
      rack-test (>= 0.5.3)
    will_paginate (2.3.12)
    xml-simple (1.0.12)
    xmpp4r (0.5)

PLATFORMS
  ruby

DEPENDENCIES
  RedCloth
  ZenTest
  actionmailer (= 2.3.8)
  actionpack (= 2.3.8)
  actionwebservice
  activerecord
  activeresource
  activesupport
  acts_as_ferret
  authlogic
  aws-s3
  builder
  capistrano
  cgi_multipart_eof_fix
  columnize
  configuration
  daemons
  facebooker
  faker
  fastthread
  ferret
  gem_plugin
  heroku
  highline
  hpricot
  json
  json_pure
  launchy
  libxml-ruby
  linecache
  mime-types
  mongrel
  needle
  nokogiri
  rack (= 1.1.0)
  rails (= 2.3.8)
  rake
  rest-client
  ruby-debug
  ruby-debug-base
  ruby-openid
  ruby-yadis
  rubygems-update
  sqlite3-ruby
  sys-uname
  termios
  webrat
  will_paginate (= 2.3.12)
  xml-simple
  xmpp4r
